GIT
  remote: git://github.com/rounds/sensu-plugins-statuspage.git
  revision: dbffbfd8aadff4166e3d82df66d699dd952bb7f9
  tag: 0.0.2
  specs:
    sensu-plugins-statuspage (0.0.2)
      httparty (= 0.13.5)
      redphone (= 0.0.6)
      sensu-plugin (= 1.2.0)

GEM
  remote: https://rubygems.org/
  specs:
    CFPropertyList (2.3.2)
    activesupport (4.2.6)
      i18n (~> 0.7)
      json (~> 1.7, >= 1.7.7)
      minitest (~> 5.1)
      thread_safe (~> 0.3, >= 0.3.4)
      tzinfo (~> 1.1)
    amq-protocol (1.9.2)
    amqp (1.5.0)
      amq-protocol (>= 1.9.2)
      eventmachine
    array_stats (0.6.0)
    async_sinatra (1.2.0)
      rack (>= 1.4.1)
      sinatra (>= 1.3.2)
    aws (2.10.2)
      http_connection
      uuidtools
      xml-simple
    aws-sdk (2.1.36)
      aws-sdk-resources (= 2.1.36)
    aws-sdk-core (2.1.36)
      jmespath (~> 1.0)
    aws-sdk-resources (2.1.36)
      aws-sdk-core (= 2.1.36)
    aws-sdk-v1 (1.64.0)
      json (~> 1.4)
      nokogiri (>= 1.4.4)
    builder (3.2.2)
    bunny (1.7.0)
      amq-protocol (>= 1.9.2)
    carrot-top (0.0.7)
      json
    childprocess (0.5.8)
      ffi (~> 1.0, >= 1.0.11)
    crack (0.4.2)
      safe_yaml (~> 1.0.0)
    daemons (1.2.3)
    dnsbl-client (1.0.2)
    dnsruby (1.58.0)
    domain_name (0.5.20160310)
      unf (>= 0.0.5, < 1.0.0)
    elasticsearch (1.0.12)
      elasticsearch-api (= 1.0.12)
      elasticsearch-transport (= 1.0.12)
    elasticsearch-api (1.0.12)
      multi_json
    elasticsearch-transport (1.0.12)
      faraday
      multi_json
    em-redis-unified (1.0.1)
      eventmachine (>= 0.12.10)
    em-worker (0.0.2)
      eventmachine
    english (0.6.3)
      language
    eventmachine (1.0.9.1)
    excon (0.48.0)
    extensions (0.6.0)
    faraday (0.9.2)
      multipart-post (>= 1.2, < 3)
    ffi (1.9.10)
    filesystem (0.1.0)
      extensions (> 0.0.0)
    fission (0.5.0)
      CFPropertyList (~> 2.2)
    fog (1.32.0)
      fog-atmos
      fog-aws (>= 0.6.0)
      fog-brightbox (~> 0.4)
      fog-core (~> 1.32)
      fog-ecloud (= 0.1.1)
      fog-google (>= 0.0.2)
      fog-json
      fog-local
      fog-powerdns (>= 0.1.1)
      fog-profitbricks
      fog-radosgw (>= 0.0.2)
      fog-riakcs
      fog-sakuracloud (>= 0.0.4)
      fog-serverlove
      fog-softlayer
      fog-storm_on_demand
      fog-terremark
      fog-vmfusion
      fog-voxel
      fog-xml (~> 0.1.1)
      ipaddress (~> 0.5)
      nokogiri (~> 1.5, >= 1.5.11)
    fog-atmos (0.1.0)
      fog-core
      fog-xml
    fog-aws (0.9.2)
      fog-core (~> 1.27)
      fog-json (~> 1.0)
      fog-xml (~> 0.1)
      ipaddress (~> 0.8)
    fog-brightbox (0.10.1)
      fog-core (~> 1.22)
      fog-json
      inflecto (~> 0.0.2)
    fog-core (1.36.0)
      builder
      excon (~> 0.45)
      formatador (~> 0.2)
    fog-ecloud (0.1.1)
      fog-core
      fog-xml
    fog-google (0.2.0)
      fog-core
      fog-json
      fog-xml
    fog-json (1.0.2)
      fog-core (~> 1.0)
      multi_json (~> 1.10)
    fog-local (0.3.0)
      fog-core (~> 1.27)
    fog-powerdns (0.1.1)
      fog-core (~> 1.27)
      fog-json (~> 1.0)
      fog-xml (~> 0.1)
    fog-profitbricks (0.0.5)
      fog-core
      fog-xml
      nokogiri
    fog-radosgw (0.0.5)
      fog-core (>= 1.21.0)
      fog-json
      fog-xml (>= 0.0.1)
    fog-riakcs (0.1.0)
      fog-core
      fog-json
      fog-xml
    fog-sakuracloud (1.7.5)
      fog-core
      fog-json
    fog-serverlove (0.1.2)
      fog-core
      fog-json
    fog-softlayer (1.1.0)
      fog-core
      fog-json
    fog-storm_on_demand (0.1.1)
      fog-core
      fog-json
    fog-terremark (0.1.0)
      fog-core
      fog-xml
    fog-vmfusion (0.1.0)
      fission
      fog-core
    fog-voxel (0.1.0)
      fog-core
      fog-xml
    fog-xml (0.1.2)
      fog-core
      nokogiri (~> 1.5, >= 1.5.11)
    formatador (0.2.5)
    hipchat (1.5.1)
      httparty
      mimemagic
    http-cookie (1.0.2)
      domain_name (~> 0.5)
    http_connection (1.4.4)
    httparty (0.13.5)
      json (~> 1.8)
      multi_xml (>= 0.5.2)
    i18n (0.7.0)
    inflecto (0.0.2)
    ipaddress (0.8.0)
    jmespath (1.1.3)
    json (1.8.2)
    language (0.6.0)
    libxml-ruby (2.8.0)
    libxml-xmlrpc (0.1.5)
      libxml-ruby (> 0.0.0)
    linux-kstat (0.1.0)
    mail (2.6.3)
      mime-types (>= 1.16, < 3)
    mailgun (0.8)
      rest-client
    mime-types (2.99.1)
    mimemagic (0.3.1)
    mini_portile2 (2.0.0)
    minitest (5.8.4)
    mixlib-cli (1.5.0)
    msgpack (0.6.1)
    multi_json (1.11.2)
    multi_xml (0.5.5)
    multipart-post (2.0.0)
    net-ping (1.7.7)
    netrc (0.11.0)
    nokogiri (1.6.7.2)
      mini_portile2 (~> 2.0.0.rc2)
    rack (1.6.4)
    rack-protection (1.5.3)
      rack
    redis (3.2.1)
    redphone (0.0.6)
      json
    rest-client (1.8.0)
      http-cookie (>= 1.0.2, < 2.0)
      mime-types (>= 1.16, < 3.0)
      netrc (~> 0.7)
    right_aws (3.1.0)
      right_http_connection (>= 1.2.5)
    right_http_connection (1.5.0)
    ruby-supervisor (0.0.2)
    safe_yaml (1.0.4)
    sensu (0.22.2)
      async_sinatra (= 1.2.0)
      em-redis-unified (= 1.0.1)
      eventmachine (= 1.0.9.1)
      multi_json (= 1.11.2)
      sensu-extension (= 1.5.0)
      sensu-extensions (= 1.4.0)
      sensu-logger (= 1.1.0)
      sensu-settings (= 3.3.0)
      sensu-spawn (= 1.8.0)
      sensu-transport (= 4.0.0)
      sinatra (= 1.4.6)
      thin (= 1.6.3)
      uuidtools (= 2.1.5)
    sensu-extension (1.5.0)
      eventmachine
    sensu-extensions (1.4.0)
      multi_json
      sensu-extension
      sensu-logger
      sensu-settings
    sensu-logger (1.1.0)
      eventmachine
      multi_json
    sensu-plugin (1.2.0)
      json
      mixlib-cli (>= 1.1.0)
    sensu-plugins-aws (1.2.0)
      aws-sdk (~> 2.1.7)
      aws-sdk-v1 (= 1.64.0)
      fog (~> 1.32.0)
      right_aws (= 3.1.0)
      sensu-plugin (= 1.2.0)
    sensu-plugins-couchbase (0.2.0)
      rest-client (= 1.8.0)
      sensu-plugin (= 1.2.0)
    sensu-plugins-cpu-checks (0.0.4)
      linux-kstat (= 0.1.0)
      sensu-plugin (= 1.2.0)
    sensu-plugins-disk-checks (1.0.2)
      filesystem (= 0.1.0)
      sensu-plugin (= 1.2.0)
      sys-filesystem (= 1.1.4)
    sensu-plugins-dns (0.0.6)
      dnsruby (= 1.58.0)
      sensu-plugin (= 1.2.0)
    sensu-plugins-elasticsearch (0.2.0)
      elasticsearch (= 1.0.12)
      rest-client (= 1.8.0)
      sensu-plugin (= 1.2.0)
    sensu-plugins-filesystem-checks (0.1.0)
      sensu-plugin (= 1.2.0)
    sensu-plugins-graphite (0.0.7)
      array_stats (= 0.6.0)
      ipaddress (= 0.8.0)
      rest-client (= 1.8.0)
      sensu-plugin (= 1.2.0)
      simple-graphite (= 2.1.0)
    sensu-plugins-hipchat (0.0.3)
      hipchat (= 1.5.1)
      sensu-plugin (= 1.2.0)
    sensu-plugins-http (0.1.2)
      sensu-plugin (= 1.2.0)
    sensu-plugins-hubot (0.0.2)
      sensu-plugin (= 1.2.0)
    sensu-plugins-load-checks (0.0.3)
      sensu-plugin (= 1.2.0)
    sensu-plugins-mailer (0.0.2)
      aws (= 2.10.2)
      mail (= 2.6.3)
      mailgun (= 0.8)
      sensu-plugin (= 1.2.0)
    sensu-plugins-memory-checks (0.0.8)
      sensu-plugin (= 1.2.0)
      vmstat (= 2.1.0)
    sensu-plugins-network-checks (0.0.6)
      dnsbl-client (= 1.0.2)
      net-ping (= 1.7.7)
      sensu-plugin (= 1.2.0)
      whois (= 3.6.0)
    sensu-plugins-newrelic (0.0.2)
      crack (= 0.4.2)
      sensu-plugin (= 1.2.0)
    sensu-plugins-nginx (0.0.6)
      sensu-plugin (= 1.2.0)
    sensu-plugins-process-checks (0.0.6)
      english (= 0.6.3)
      sensu-plugin (= 1.2.0)
      sys-proctable (= 0.9.8)
    sensu-plugins-rabbitmq (1.1.0)
      amq-protocol (= 1.9.2)
      bunny (= 1.7.0)
      carrot-top (= 0.0.7)
      rest-client (= 1.8.0)
      sensu-plugin (= 1.2.0)
      stomp (= 1.3.4)
    sensu-plugins-redis (0.0.4)
      redis (= 3.2.1)
      sensu-plugin (= 1.2.0)
    sensu-plugins-sensu (0.0.2)
      english (= 0.6.3)
      rest-client (= 1.8.0)
      sensu-plugin (= 1.2.0)
    sensu-plugins-skyline (0.0.2)
      msgpack (= 0.6.1)
      sensu-plugin (= 1.2.0)
    sensu-plugins-sms (0.0.2)
      mail (= 2.6.3)
      sensu-plugin (= 1.2.0)
    sensu-plugins-supervisor (0.0.3)
      libxml-xmlrpc (= 0.1.5)
      ruby-supervisor (= 0.0.2)
      sensu-plugin (= 1.2.0)
    sensu-plugins-syslog-ng (0.0.2)
      sensu-plugin (= 1.2.0)
    sensu-plugins-uchiwa (0.0.3)
      sensu-plugin (= 1.2.0)
    sensu-plugins-uptime-checks (0.0.3)
      sensu-plugin (= 1.2.0)
    sensu-plugins-victorops (0.0.3)
      json (= 1.8.2)
      sensu-plugin (= 1.2.0)
    sensu-plugins-wordpress (0.0.2)
      sensu-plugin (= 1.2.0)
    sensu-plugins-xmpp (0.0.3)
      sensu-plugin (= 1.2.0)
      xmpp4r (= 0.5.6)
    sensu-settings (3.3.0)
      multi_json
    sensu-spawn (1.8.0)
      childprocess (= 0.5.8)
      em-worker (= 0.0.2)
      eventmachine
    sensu-transport (4.0.0)
      amq-protocol (= 1.9.2)
      amqp (= 1.5.0)
      em-redis-unified (>= 1.0.0)
      eventmachine
    simple-graphite (2.1.0)
    sinatra (1.4.6)
      rack (~> 1.4)
      rack-protection (~> 1.4)
      tilt (>= 1.3, < 3)
    stomp (1.3.4)
    sys-filesystem (1.1.4)
      ffi
    sys-proctable (0.9.8)
    thin (1.6.3)
      daemons (~> 1.0, >= 1.0.9)
      eventmachine (~> 1.0)
      rack (~> 1.0)
    thread_safe (0.3.5)
    tilt (2.0.2)
    tzinfo (1.2.2)
      thread_safe (~> 0.1)
    unf (0.1.4)
      unf_ext
    unf_ext (0.0.7.2)
    uuidtools (2.1.5)
    vmstat (2.1.0)
    whois (3.6.0)
      activesupport (>= 3)
    xml-simple (1.1.5)
    xmpp4r (0.5.6)

PLATFORMS
  ruby

DEPENDENCIES
  sensu (= 0.22.2)
  sensu-plugins-aws (= 1.2.0)
  sensu-plugins-couchbase (= 0.2.0)
  sensu-plugins-cpu-checks (= 0.0.4)
  sensu-plugins-disk-checks (= 1.0.2)
  sensu-plugins-dns (= 0.0.6)
  sensu-plugins-elasticsearch (= 0.2.0)
  sensu-plugins-filesystem-checks (= 0.1.0)
  sensu-plugins-graphite (= 0.0.7)
  sensu-plugins-hipchat (= 0.0.3)
  sensu-plugins-http (= 0.1.2)
  sensu-plugins-hubot (= 0.0.2)
  sensu-plugins-load-checks (= 0.0.3)
  sensu-plugins-mailer (= 0.0.2)
  sensu-plugins-memory-checks (= 0.0.8)
  sensu-plugins-network-checks (= 0.0.6)
  sensu-plugins-newrelic (= 0.0.2)
  sensu-plugins-nginx (= 0.0.6)
  sensu-plugins-process-checks (= 0.0.6)
  sensu-plugins-rabbitmq (= 1.1.0)
  sensu-plugins-redis (= 0.0.4)
  sensu-plugins-sensu (= 0.0.2)
  sensu-plugins-skyline (= 0.0.2)
  sensu-plugins-sms (= 0.0.2)
  sensu-plugins-statuspage!
  sensu-plugins-supervisor (= 0.0.3)
  sensu-plugins-syslog-ng (= 0.0.2)
  sensu-plugins-uchiwa (= 0.0.3)
  sensu-plugins-uptime-checks (= 0.0.3)
  sensu-plugins-victorops (= 0.0.3)
  sensu-plugins-wordpress (= 0.0.2)
  sensu-plugins-xmpp (= 0.0.3)

BUNDLED WITH
   1.11.2
